FRAMEWORK: >= NET452
NUGET
  remote: https://www.nuget.org/api/v2
    NUnit (3.5)
    NUnitLite (3.5)
      NUnit (3.5)
